GIT
  remote: git://github.com/haml/haml.git
  revision: 025b89f421a31cd18db5cacdbcf69cbec893322f
  branch: master
  specs:
    haml (5.0.0.beta.2)
      tilt

GIT
  remote: git://github.com/intridea/hashie.git
  revision: d2d645b03312a37a012514de715f4a53a9679634
  branch: master
  specs:
    hashie (3.4.5)

GIT
  remote: git://github.com/pry/pry.git
  revision: c73d0a2785b70eb58bec4bfd2868173dd8b137b3
  branch: master
  specs:
    pry (0.10.3)
      coderay (~> 1.1.0)
      method_source (~> 0.8.1)

GIT
  remote: git://github.com/puma/puma.git
  revision: a6438404e2dcb176829812153cf1940502a57fcd
  branch: master
  specs:
    puma (3.6.0)

GIT
  remote: git://github.com/ruby-concurrency/concurrent-ruby.git
  revision: 0f9e82dbab89ebb024aea3a16a30162a75059383
  branch: master
  specs:
    concurrent-ruby (1.0.3.pre3)
    concurrent-ruby-edge (0.2.3.pre3)
      concurrent-ruby (~> 1.0.3.pre3)

GIT
  remote: git://github.com/sass/sass.git
  revision: e79f5cf88c977a89e2ff9bfbf604a284099ed585
  branch: master
  specs:
    sass (4.0.0.alpha.1)
      sass-listen (~> 3.0.7)

GIT
  remote: git://github.com/sinatra/rack-protection.git
  revision: 8d4f9d488d0591ac7b360d9137b94f8d68901f16
  branch: master
  specs:
    rack-protection (2.0.0)
      rack

GIT
  remote: git://github.com/sinatra/sinatra.git
  revision: 3e2379d7175ea7f5896f7a6f9c010c56e587ff03
  branch: master
  specs:
    sinatra (2.0.0.pre.alpha)
      mustermann (~> 0.4)
      rack (~> 2.0)
      rack-protection (~> 2.0)
      tilt (~> 2.0)

GEM
  remote: https://rubygems.org/
  specs:
    coderay (1.1.1)
    ffi (1.9.14)
    method_source (0.8.2)
    mustermann (0.4.0)
      tool (~> 0.2)
    rack (2.0.1)
    rb-fsevent (0.9.7)
    rb-inotify (0.9.7)
      ffi (>= 0.5.0)
    sass-listen (3.0.7)
      rb-fsevent (>= 0.9.3)
      rb-inotify (>= 0.9.7)
    tilt (2.0.5)
    tool (0.2.3)

PLATFORMS
  ruby

DEPENDENCIES
  concurrent-ruby!
  concurrent-ruby-edge!
  haml!
  hashie!
  pry!
  puma!
  rack-protection!
  sass!
  sinatra!

BUNDLED WITH
   1.12.5
