GIT
  remote: git://github.com/haml/haml.git
  revision: 025b89f421a31cd18db5cacdbcf69cbec893322f
  branch: master
  specs:
    haml (5.0.0.beta.2)
      tilt

GIT
  remote: git://github.com/intridea/hashie.git
  revision: fb186400247779f90aacf23fa2cde044cbac387c
  branch: master
  specs:
    hashie (3.4.5)

GIT
  remote: git://github.com/pry/pry.git
  revision: f5c97cac103a9f04b854ed5b117a8cc27c7e8dd6
  branch: master
  specs:
    pry (0.10.3)
      coderay (~> 1.1.0)
      method_source (~> 0.8.1)

GIT
  remote: git://github.com/puma/puma.git
  revision: 7dfd7fa54afc6cab6fd967c45d5cd8d2fb889095
  branch: master
  specs:
    puma (3.4.0)

GIT
  remote: git://github.com/ruby-concurrency/concurrent-ruby.git
  revision: 0d044bebdda2781b1b265472555090941232bbe5
  branch: master
  specs:
    concurrent-ruby (1.0.2)
    concurrent-ruby-edge (0.2.2)
      concurrent-ruby (~> 1.0.2)

GIT
  remote: git://github.com/sass/sass.git
  revision: 56b3e1b1ef126292e93248b9ac005e8bb1c41e30
  branch: master
  specs:
    sass (4.0.0.alpha.1)
      sass-listen (~> 3.0.7)

GIT
  remote: git://github.com/sinatra/sinatra.git
  revision: 5e9e23621c1f6abbd793b46452cb11ae8ca1277e
  branch: master
  specs:
    sinatra (2.0.0.pre.alpha)
      mustermann (~> 0.4)
      rack (= 2.0.0.rc1)
      rack-protection (~> 1.5)
      tilt (~> 2.0)

GEM
  remote: https://rubygems.org/
  specs:
    coderay (1.1.1)
    ffi (1.9.10)
    json (1.8.3)
    method_source (0.8.2)
    mustermann (0.4.0)
      tool (~> 0.2)
    rack (2.0.0.rc1)
      json
    rack-protection (1.5.3)
      rack
    rb-fsevent (0.9.7)
    rb-inotify (0.9.7)
      ffi (>= 0.5.0)
    sass-listen (3.0.7)
      rb-fsevent (>= 0.9.3)
      rb-inotify (>= 0.9.7)
    tilt (2.0.4)
    tool (0.2.3)

PLATFORMS
  ruby

DEPENDENCIES
  concurrent-ruby!
  concurrent-ruby-edge!
  haml!
  hashie!
  pry!
  puma!
  sass!
  sinatra!

BUNDLED WITH
   1.12.4
