GIT
  remote: git://github.com/haml/haml.git
  revision: 025b89f421a31cd18db5cacdbcf69cbec893322f
  branch: master
  specs:
    haml (5.0.0.beta.2)
      tilt

GIT
  remote: git://github.com/intridea/hashie.git
  revision: fb186400247779f90aacf23fa2cde044cbac387c
  branch: master
  specs:
    hashie (3.4.5)

GIT
  remote: git://github.com/pry/pry.git
  revision: f5c97cac103a9f04b854ed5b117a8cc27c7e8dd6
  branch: master
  specs:
    pry (0.10.3)
      coderay (~> 1.1.0)
      method_source (~> 0.8.1)

GIT
  remote: git://github.com/puma/puma.git
  revision: 41c771b2647e4e15c00cb7725975fe126c114339
  branch: master
  specs:
    puma (3.4.0)

GIT
  remote: git://github.com/ruby-concurrency/concurrent-ruby.git
  revision: d608a9e260da40ce4e9464495845d1ee4bc97cd4
  branch: master
  specs:
    concurrent-ruby (1.0.2)
    concurrent-ruby-edge (0.2.2)
      concurrent-ruby (~> 1.0.2)

GIT
  remote: git://github.com/sass/sass.git
  revision: 8fef7a37a1e47e48e1d2e5e8280ce00137015809
  branch: master
  specs:
    sass (4.0.0.alpha.1)
      sass-listen (~> 3.0.7)

GIT
  remote: git://github.com/sinatra/sinatra.git
  revision: aa4ad35b7c5e6ed5fb64b8572fc916003519bc3f
  branch: master
  specs:
    sinatra (2.0.0.pre.alpha)
      mustermann (~> 0.4)
      rack (= 2.0.0.alpha)
      rack-protection (~> 1.5)
      tilt (~> 2.0)

GEM
  remote: https://rubygems.org/
  specs:
    coderay (1.1.1)
    ffi (1.9.10)
    json (1.8.3)
    method_source (0.8.2)
    mustermann (0.4.0)
      tool (~> 0.2)
    rack (2.0.0.alpha)
      json
    rack-protection (1.5.3)
      rack
    rb-fsevent (0.9.7)
    rb-inotify (0.9.7)
      ffi (>= 0.5.0)
    sass-listen (3.0.7)
      rb-fsevent (>= 0.9.3)
      rb-inotify (>= 0.9.7)
    tilt (2.0.2)
    tool (0.2.3)

PLATFORMS
  ruby

DEPENDENCIES
  concurrent-ruby!
  concurrent-ruby-edge!
  haml!
  hashie!
  pry!
  puma!
  sass!
  sinatra!

BUNDLED WITH
   1.12.2
