GIT
  remote: git://github.com/haml/haml.git
  revision: 917b36bf84d0b53e97d91f16935aa24322b30d64
  specs:
    haml (5.0.0.beta.2)
      tilt

GIT
  remote: git://github.com/macournoyer/thin.git
  revision: b69057d973072638c7fcae980455b434b513e037
  specs:
    thin (1.6.4)
      daemons (~> 1.0, >= 1.0.9)
      eventmachine (~> 1.0, >= 1.0.4)
      rack (~> 1.0)

GIT
  remote: git://github.com/sass/sass.git
  revision: 40e1fe4c9a091cc4bfda6cf151fd9c4b0d1baeb0
  specs:
    sass (4.0.0.alpha.1)

GIT
  remote: git://github.com/sinatra/sinatra.git
  revision: 8035f839fd8a63fd3791c901cf5ed09617e72e13
  specs:
    sinatra (1.4.6)
      rack (~> 1.5, >= 1.5.4, < 1.6)
      rack-protection (~> 1.4)
      tilt (>= 1.3, < 3)

GEM
  remote: https://rubygems.org/
  specs:
    coderay (1.1.0)
    daemons (1.2.3)
    eventmachine (1.0.8)
    method_source (0.8.2)
    pry (0.10.3)
      coderay (~> 1.1.0)
      method_source (~> 0.8.1)
      slop (~> 3.4)
    rack (1.5.5)
    rack-protection (1.5.3)
      rack
    slop (3.6.0)
    tilt (2.0.1)

PLATFORMS
  ruby

DEPENDENCIES
  haml!
  pry
  sass!
  sinatra!
  thin!

BUNDLED WITH
   1.10.6
